GIT
  remote: git://github.com/rnplay/grack.git
  revision: daa9625eea328f3950576608c68b730017e206a1
  specs:
    gitlab-grack (2.0.2)
      rack (~> 1.5.1)

GEM
  remote: https://rubygems.org/
  specs:
    pg (0.18.2)
    rack (1.5.4)

PLATFORMS
  ruby

DEPENDENCIES
  gitlab-grack!
  pg
