GIT
  remote: git://github.com/rnplay/grack.git
  revision: daa9625eea328f3950576608c68b730017e206a1
  specs:
    gitlab-grack (2.0.2)
      rack (~> 1.5.1)

GEM
  remote: https://rubygems.org/
  specs:
    daemons (1.2.2)
    eventmachine (1.0.7)
    pg (0.18.2)
    rack (1.5.4)
    thin (1.6.3)
      daemons (~> 1.0, >= 1.0.9)
      eventmachine (~> 1.0)
      rack (~> 1.0)

PLATFORMS
  ruby

DEPENDENCIES
  gitlab-grack!
  pg
  thin
