GIT
  remote: git://github.com/rnplay/grack.git
  revision: 6b46fef1967de297db724fbd0b2966f75fe2742c
  specs:
    gitlab-grack (2.0.2)
      rack (~> 1.5.1)

GEM
  remote: https://rubygems.org/
  specs:
    daemons (1.2.2)
    eventmachine (1.0.7)
    pg (0.18.2)
    rack (1.5.4)
    rake (10.4.2)
    thin (1.6.3)
      daemons (~> 1.0, >= 1.0.9)
      eventmachine (~> 1.0)
      rack (~> 1.0)

PLATFORMS
  ruby

DEPENDENCIES
  gitlab-grack!
  pg
  rake
  thin
